GIT
  remote: git://github.com/spox/plist.git
  revision: deb5f9e1ef1cd4ef7de7b2a2c8a1846ca5a29f4f
  specs:
    plist (3.0.1)

GIT
  remote: git://github.com/spox/textpow.git
  revision: 652df324c12e2419a10330a0457ec3a5d3b6bb6e
  specs:
    textpow (0.10.3)
      spox-plist

GIT
  remote: git://github.com/spox/ultraviolet.git
  revision: 939d13da90e39f016c84d85f8c0fcf5bdbac44e6
  specs:
    ultraviolet (0.10.5)
      spox-textpow

GEM
  remote: http://rubygems.org/
  specs:
    coderay (1.0.7)
    nokogiri (1.5.5)
    rack (1.4.1)
    rack-codehighlighter (0.5.0)
      nokogiri (>= 1.4.1)
      rack (>= 1.0.0)
    rack-protection (1.2.0)
      rack
    sinatra (1.3.2)
      rack (~> 1.3, >= 1.3.6)
      rack-protection (~> 1.2)
      tilt (~> 1.3, >= 1.3.3)
    spox-plist (3.0.1)
    spox-textpow (0.10.3)
      spox-plist
    tilt (1.3.3)

PLATFORMS
  ruby

DEPENDENCIES
  coderay
  nokogiri
  plist!
  rack-codehighlighter
  sinatra
  textpow!
  ultraviolet!
